PATH
  remote: .
  specs:
    shopify_dashboard_plus (0.0.1)
      chartkick (~> 1.3, >= 1.3.2)
      shopify_api (~> 4.0, >= 4.0.3)
      sinatra (~> 1.4, >= 1.4.5)
      tilt
      vegas (~> 0.1, >= 0.1.11)

GEM
  remote: https://rubygems.org/
  specs:
    activemodel (4.2.1)
      activesupport (= 4.2.1)
      builder (~> 3.1)
    activeresource (4.0.0)
      activemodel (~> 4.0)
      activesupport (~> 4.0)
      rails-observers (~> 0.1.1)
    activesupport (4.2.1)
      i18n (~> 0.7)
      json (~> 1.7, >= 1.7.7)
      minitest (~> 5.1)
      thread_safe (~> 0.3, >= 0.3.4)
      tzinfo (~> 1.1)
    builder (3.2.2)
    chartkick (1.3.2)
    i18n (0.7.0)
    json (1.8.2)
    minitest (5.6.1)
    rack (1.6.1)
    rack-protection (1.5.3)
      rack
    rails-observers (0.1.2)
      activemodel (~> 4.0)
    rake (10.4.2)
    shopify_api (4.0.3)
      activeresource
      rack
    sinatra (1.4.6)
      rack (~> 1.4)
      rack-protection (~> 1.4)
      tilt (>= 1.3, < 3)
    thread_safe (0.3.5)
    tilt (2.0.1)
    tzinfo (1.2.2)
      thread_safe (~> 0.1)
    vegas (0.1.11)
      rack (>= 1.0.0)

PLATFORMS
  ruby

DEPENDENCIES
  bundler (~> 1.7)
  rake (~> 10.0)
  shopify_dashboard_plus!
